GEM
  remote: https://rubygems.org/
  specs:
    holidays (2.2.0)

PLATFORMS
  ruby

DEPENDENCIES
  holidays (~> 2.2.0)

BUNDLED WITH
   1.10.4
